GEM
  remote: https://rubygems.org/
  specs:
    childprocess (3.0.0)
    diff-lcs (1.3)
    httparty (0.16.2)
      multi_xml (>= 0.5.2)
    imgur-api (0.0.4)
      httparty
    json (2.1.0)
    multi_xml (0.6.0)
    parallel (1.12.1)
    parallel_split_test (0.7.0)
      parallel (>= 0.5.13)
      rspec (>= 3.1.0)
    rspec (3.7.0)
      rspec-core (~> 3.7.0)
      rspec-expectations (~> 3.7.0)
      rspec-mocks (~> 3.7.0)
    rspec-core (3.7.1)
      rspec-support (~> 3.7.0)
    rspec-expectations (3.7.0)
      diff-lcs (>= 1.2.0, < 2.0)
      rspec-support (~> 3.7.0)
    rspec-mocks (3.7.0)
      diff-lcs (>= 1.2.0, < 2.0)
      rspec-support (~> 3.7.0)
    rspec-retry (0.5.7)
      rspec-core (> 3.3)
    rspec-support (3.7.1)
    rubyzip (2.3.0)
    selenium-webdriver (3.142.7)
      childprocess (>= 0.5, < 4.0)
      rubyzip (>= 1.2.2)

PLATFORMS
  ruby

DEPENDENCIES
  imgur-api
  json
  parallel_split_test
  rspec
  rspec-retry
  selenium-webdriver

BUNDLED WITH
   1.17.1
